GEM
  remote: https://rubygems.org/
  specs:
    addressable (2.3.5)
    ansi (1.4.3)
    assert (2.7.0)
      ansi (~> 1.3)
    assert-mocha (1.1.1)
      assert (~> 2.0)
      mocha (~> 0.13)
    atomic (1.1.14)
    buftok (0.2.0)
    coderay (1.1.0)
    daemons (1.1.9)
    descendants_tracker (0.0.3)
    dotenv (0.9.0)
    equalizer (0.0.9)
    faraday (0.9.0)
      multipart-post (>= 1.2, < 3)
    geokit (1.8.4)
      multi_json (>= 1.3.2)
    htmlentities (4.3.1)
    http (0.5.0)
      http_parser.rb
    http_parser.rb (0.6.0)
    json (1.8.1)
    launchy (2.4.2)
      addressable (~> 2.3)
    memoizable (0.4.0)
      thread_safe (~> 0.1.3)
    metaclass (0.0.2)
    method_source (0.8.2)
    mocha (0.14.0)
      metaclass (~> 0.0.1)
    multi_json (1.8.4)
    multipart-post (2.0.0)
    naught (1.0.0)
    oauth (0.4.7)
    pry (0.9.12.6)
      coderay (~> 1.0)
      method_source (~> 0.8)
      slop (~> 3.4)
    pry-nav (0.2.3)
      pry (~> 0.9.10)
    retryable (1.3.5)
    simple_oauth (0.2.0)
    slop (3.4.7)
    t (2.3.0)
      geokit (>= 1.8.3, < 2)
      htmlentities (~> 4.3)
      launchy (~> 2.4)
      oauth (~> 0.4.7)
      retryable (~> 1.3)
      thor (>= 0.18.1, < 2)
      twitter (~> 5.6)
    thor (0.18.1)
    thread_safe (0.1.3)
      atomic
    twitter (5.6.0)
      addressable (~> 2.3)
      buftok (~> 0.2.0)
      descendants_tracker (~> 0.0.3)
      equalizer (~> 0.0.9)
      faraday (~> 0.9.0)
      http (~> 0.5.0)
      http_parser.rb (~> 0.6.0)
      json (~> 1.8)
      memoizable (~> 0.4.0)
      naught (~> 1.0)
      simple_oauth (~> 0.2.0)

PLATFORMS
  ruby

DEPENDENCIES
  assert (~> 2.7)
  assert-mocha (~> 1.1)
  daemons (~> 1.0)
  dotenv
  pry-nav
  t
